GEM
  remote: https://rubygems.org/
  specs:
    kaitai-struct (0.10)

PLATFORMS
  x86_64-darwin-22

DEPENDENCIES
  kaitai-struct

BUNDLED WITH
   2.4.17
